GEM
  remote: https://rubygems.org/
  specs:
    ast (2.4.3)
    bindata (2.5.0)
    colorize (1.1.0)
    elftools (1.2.0)
      bindata (~> 2)
    json (2.7.6)
    parallel (1.24.0)
    parser (3.3.7.4)
      ast (~> 2.4.1)
      racc
    racc (1.8.1)
    rainbow (3.1.1)
    regexp_parser (2.10.0)
    rexml (3.4.1)
    rubocop (1.50.2)
      json (~> 2.3)
      parallel (~> 1.10)
      parser (>= 3.2.0.0)
      rainbow (>= 2.2.2, < 4.0)
      regexp_parser (>= 1.8, < 3.0)
      rexml (>= 3.2.5, < 4.0)
      rubocop-ast (>= 1.28.0, < 2.0)
      ruby-progressbar (~> 1.7)
      unicode-display_width (>= 2.4.0, < 3.0)
    rubocop-ast (1.30.0)
      parser (>= 3.2.1.0)
    ruby-progressbar (1.13.0)
    serialport (1.3.2)
    unicode-display_width (2.6.0)

PLATFORMS
  ruby

DEPENDENCIES
  colorize
  elftools
  rubocop (>= 1.38.0)
  ruby-progressbar
  serialport

BUNDLED WITH
   1.17.2
